PATH
  remote: .
  specs:
    vaadin-elements (0.4.0)

GEM
  remote: https://rubygems.org/
  specs:
    minitest (5.8.4)
    rake (10.5.0)

PLATFORMS
  x64-mingw32

DEPENDENCIES
  bundler (~> 1.11)
  minitest (~> 5.0)
  rake (~> 10.0)
  vaadin-elements!

BUNDLED WITH
   1.11.2
